PATH
  remote: .
  specs:
    spot_build (0.0.1)
      buildkit (~> 0.4)

GEM
  remote: https://rubygems.org/
  specs:
    addressable (2.3.8)
    buildkit (0.4.0)
      sawyer (~> 0.6.0)
    faraday (0.9.2)
      multipart-post (>= 1.2, < 3)
    multipart-post (2.0.0)
    sawyer (0.6.0)
      addressable (~> 2.3.5)
      faraday (~> 0.8, < 0.10)

PLATFORMS
  ruby

DEPENDENCIES
  spot_build!

BUNDLED WITH
   1.11.2
