PATH
  remote: .
  specs:
    spot_build (0.0.2)
      aws-sdk (~> 2)
      buildkit (~> 0.4)
      link_header (~> 0.0.2)

GEM
  remote: https://rubygems.org/
  specs:
    addressable (2.3.8)
    aws-sdk (2.6.28)
      aws-sdk-resources (= 2.6.28)
    aws-sdk-core (2.6.28)
      aws-sigv4 (~> 1.0)
      jmespath (~> 1.0)
    aws-sdk-resources (2.6.28)
      aws-sdk-core (= 2.6.28)
    aws-sigv4 (1.0.0)
    buildkit (0.4.0)
      sawyer (~> 0.6.0)
    faraday (0.9.2)
      multipart-post (>= 1.2, < 3)
    jmespath (1.3.1)
    link_header (0.0.8)
    multipart-post (2.0.0)
    sawyer (0.6.0)
      addressable (~> 2.3.5)
      faraday (~> 0.8, < 0.10)

PLATFORMS
  ruby

DEPENDENCIES
  spot_build!

BUNDLED WITH
   1.13.6
