GEM
  remote: https://rubygems.org/
  specs:
    addressable (2.3.8)
    buildkit (0.4.0)
      sawyer (~> 0.6.0)
    faraday (0.9.2)
      multipart-post (>= 1.2, < 3)
    multipart-post (2.0.0)
    sawyer (0.6.0)
      addressable (~> 2.3.5)
      faraday (~> 0.8, < 0.10)

PLATFORMS
  ruby

DEPENDENCIES
  buildkit

BUNDLED WITH
   1.11.2
